GIT
  remote: git://github.com/crossroads/authlogic.git
  revision: 651dcca8be365a5a11b5326f12319babdd515763
  branch: rails3
  specs:
    authlogic (2.1.3)
      activesupport

GIT
  remote: git://github.com/crossroads/is_paranoid.git
  revision: 7ff8ca2e2c5abb2c0d718194baeb61736f84b644
  branch: rails3
  specs:
    is_paranoid (0.0.2)

GIT
  remote: git://github.com/crossroads/paperclip.git
  revision: 9339d78dbf7e68b83d252c1e1baef7c7e24c5cfb
  specs:
    paperclip (2.3.3)
      activerecord
      activesupport

GIT
  remote: git://github.com/mwhagedorn/ffcrm_tags.git
  revision: 162eb707a9c9c947370f5da8013cbbfa45a85544
  specs:
    ffcrm_tags (0.0.4)
      acts-as-taggable-on

GEM
  remote: http://rubygems.org/
  specs:
    abstract (1.0.0)
    actionmailer (3.0.3)
      actionpack (= 3.0.3)
      mail (~> 2.2.9)
    actionpack (3.0.3)
      activemodel (= 3.0.3)
      activesupport (= 3.0.3)
      builder (~> 2.1.2)
      erubis (~> 2.6.6)
      i18n (~> 0.4)
      rack (~> 1.2.1)
      rack-mount (~> 0.6.13)
      rack-test (~> 0.5.6)
      tzinfo (~> 0.3.23)
    activemodel (3.0.3)
      activesupport (= 3.0.3)
      builder (~> 2.1.2)
      i18n (~> 0.4)
    activerecord (3.0.3)
      activemodel (= 3.0.3)
      activesupport (= 3.0.3)
      arel (~> 2.0.2)
      tzinfo (~> 0.3.23)
    activeresource (3.0.3)
      activemodel (= 3.0.3)
      activesupport (= 3.0.3)
    activesupport (3.0.3)
    acts-as-taggable-on (2.1.1)
      rails
    acts_as_commentable (3.0.1)
    annotate (2.4.0)
    arel (2.0.10)
    awesome_print (0.4.0)
    builder (2.1.2)
    diff-lcs (1.1.3)
    erubis (2.6.6)
      abstract (>= 1.0.0)
    factory_girl (2.0.5)
    faker (0.9.5)
      i18n (~> 0.4)
    haml (3.1.2)
    hoe (2.12.3)
      rake (~> 0.8)
    i18n (0.6.0)
    mail (2.2.19)
      activesupport (>= 2.3.6)
      i18n (>= 0.4.0)
      mime-types (~> 1.16)
      treetop (~> 1.4.8)
    mime-types (1.16)
    mysql2 (0.2.7)
    polyglot (0.3.2)
    rack (1.2.4)
    rack-mount (0.6.14)
      rack (>= 1.0.0)
    rack-test (0.5.7)
      rack (>= 1.0)
    rails (3.0.3)
      actionmailer (= 3.0.3)
      actionpack (= 3.0.3)
      activerecord (= 3.0.3)
      activeresource (= 3.0.3)
      activesupport (= 3.0.3)
      bundler (~> 1.0)
      railties (= 3.0.3)
    railties (3.0.3)
      actionpack (= 3.0.3)
      activesupport (= 3.0.3)
      rake (>= 0.8.7)
      thor (~> 0.14.4)
    rake (0.8.7)
    rspec (2.6.0)
      rspec-core (~> 2.6.0)
      rspec-expectations (~> 2.6.0)
      rspec-mocks (~> 2.6.0)
    rspec-core (2.6.4)
    rspec-expectations (2.6.0)
      diff-lcs (~> 1.1.2)
    rspec-mocks (2.6.0)
    rspec-rails (2.6.1)
      actionpack (~> 3.0)
      activesupport (~> 3.0)
      railties (~> 3.0)
      rspec (~> 2.6.0)
    sass (3.1.7)
    sqlite3 (1.3.4)
    test-unit (1.2.3)
      hoe (>= 1.5.1)
    thor (0.14.6)
    treetop (1.4.10)
      polyglot
      polyglot (>= 0.3.1)
    tzinfo (0.3.30)
    will_paginate (3.0.0)

PLATFORMS
  ruby

DEPENDENCIES
  acts-as-taggable-on (= 2.1.1)
  acts_as_commentable (>= 3.0.1)
  annotate (>= 2.4.0)
  authlogic!
  awesome_print (>= 0.3.1)
  factory_girl (>= 1.3.3)
  faker (>= 0.9.5)
  ffcrm_tags!
  haml (>= 3.1.1)
  is_paranoid!
  mysql2 (= 0.2.7)
  paperclip!
  rails (= 3.0.3)
  rake (= 0.8.7)
  rspec-rails (>= 2.5.0)
  sass (>= 3.1.1)
  sqlite3
  test-unit (= 1.2.3)
  will_paginate (>= 3.0.pre2)
